GEM
  remote: https://rubygems.org/
  specs:
    beaneater (0.3.3)
    json (1.8.3)
    newrelic_plugin (1.3.1)
      json

PLATFORMS
  ruby

DEPENDENCIES
  beaneater (~> 0.3)
  newrelic_plugin

BUNDLED WITH
   1.10.0
